PATH
  remote: .
  specs:
    vayacondios (0.0.2)
      bson_ext (~> 1.6)
      configliere (>= 0.4.13)
      em-http-request (~> 1.0)
      em-mongo (~> 0.4.2)
      foreman
      goliath (~> 0.9.2)
      gorillib (= 0.4.0pre)
      yajl-ruby (~> 1.1)
    vayacondios-client (0.0.2)
      configliere (>= 0.4.16)
      gorillib (= 0.4.0pre)
      multi_json (~> 1.1)

GEM
  remote: http://rubygems.org/
  specs:
    addressable (2.3.2)
    async-rack (0.5.1)
      rack (~> 1.1)
    bson (1.6.4)
    bson_ext (1.6.4)
      bson (~> 1.6.4)
    configliere (0.4.16)
      highline (>= 1.5.2)
      multi_json (>= 1.1)
    cookiejar (0.3.0)
    diff-lcs (1.1.3)
    em-http-request (1.0.3)
      addressable (>= 2.2.3)
      cookiejar
      em-socksify
      eventmachine (>= 1.0.0.beta.4)
      http_parser.rb (>= 0.5.3)
    em-mongo (0.4.3)
      bson (>= 1.1.3)
      eventmachine (>= 0.12.10)
    em-socksify (0.2.1)
      eventmachine (>= 1.0.0.beta.4)
    em-synchrony (1.0.2)
      eventmachine (>= 1.0.0.beta.1)
    eventmachine (1.0.0.rc.4)
    foreman (0.55.0)
      thor (>= 0.13.6)
    goliath (0.9.4)
      async-rack
      em-synchrony (>= 1.0.0)
      eventmachine (>= 1.0.0.beta.3)
      http_parser.rb
      http_router (~> 0.9.0)
      log4r
      multi_json
      rack (>= 1.2.2)
      rack-contrib
      rack-respond_to
    gorillib (0.4.0pre)
      configliere (>= 0.4.13)
      json
      multi_json (~> 1.1)
    highline (1.6.13)
    http_parser.rb (0.5.3)
    http_router (0.9.7)
      rack (>= 1.0.0)
      url_mount (~> 0.2.1)
    json (1.7.4)
    log4r (1.1.10)
    multi_json (1.3.6)
    rack (1.4.1)
    rack-accept-media-types (0.9)
    rack-contrib (1.1.0)
      rack (>= 0.9.1)
    rack-respond_to (0.9.8)
      rack-accept-media-types (>= 0.6)
    rake (0.9.2.2)
    rspec (2.11.0)
      rspec-core (~> 2.11.0)
      rspec-expectations (~> 2.11.0)
      rspec-mocks (~> 2.11.0)
    rspec-core (2.11.1)
    rspec-expectations (2.11.2)
      diff-lcs (~> 1.1.3)
    rspec-mocks (2.11.2)
    thor (0.16.0)
    url_mount (0.2.1)
      rack
    yajl-ruby (1.1.0)
    yard (0.8.2.1)

PLATFORMS
  ruby

DEPENDENCIES
  rake
  rspec
  vayacondios!
  vayacondios-client!
  yard
