GIT
  remote: https://github.com/eventmachine/eventmachine.git
  revision: cc9a3adc5b4cc5640057b396df882220fa46ddd3
  specs:
    eventmachine (1.0.0.beta.4)

GIT
  remote: https://github.com/infochimps-labs/gorillib.git
  revision: 7a995126e2fbe6b6ddcdf04866937d43b3376b1b
  branch: 7a995126e2fbe6b6ddcdf04866937d43b3376b1b
  specs:
    gorillib (0.4.0)
      json
      multi_json (~> 1.1)

GIT
  remote: https://github.com/postrank-labs/goliath.git
  revision: f7a24c3d3df6d7e23461c8b425874f5184f5c98d
  specs:
    goliath (0.9.4)
      async-rack
      em-synchrony (>= 1.0.0)
      em-websocket
      eventmachine (>= 1.0.0.beta.3)
      http_parser.rb (~> 0.5.3)
      http_router (~> 0.9.0)
      log4r
      multi_json
      rack (>= 1.2.2)
      rack-contrib
      rack-respond_to

GEM
  remote: http://rubygems.org/
  specs:
    addressable (2.2.7)
    async-rack (0.5.1)
      rack (~> 1.1)
    bson (1.6.2)
    bson_ext (1.6.2)
      bson (~> 1.6.2)
    coderay (1.0.6)
    configliere (0.4.8)
      json
    cookiejar (0.3.0)
    diff-lcs (1.1.3)
    em-http-request (1.0.2)
      addressable (>= 2.2.3)
      cookiejar
      em-socksify
      eventmachine (>= 1.0.0.beta.4)
      http_parser.rb (>= 0.5.3)
    em-mongo (0.4.2)
      bson (>= 1.1.3)
      eventmachine (>= 0.12.10)
    em-socksify (0.2.0)
      eventmachine (>= 1.0.0.beta.4)
    em-synchrony (1.0.0)
      eventmachine (>= 1.0.0.beta.1)
    em-websocket (0.3.6)
      addressable (>= 2.1.1)
      eventmachine (>= 0.12.9)
    ffi (1.0.11)
    foreman (0.41.0)
      thor (>= 0.13.6)
    git (1.2.5)
    guard (1.0.1)
      ffi (>= 0.5.0)
      thor (~> 0.14.6)
    guard-rspec (0.7.0)
      guard (>= 0.10.0)
    guard-yard (1.0.2)
      guard (>= 0.2.2)
      yard (>= 0.7.0)
    http_parser.rb (0.5.3)
    http_router (0.9.7)
      rack (>= 1.0.0)
      url_mount (~> 0.2.1)
    jeweler (1.8.3)
      bundler (~> 1.0)
      git (>= 1.2.5)
      rake
      rdoc
    json (1.6.6)
    log4r (1.1.10)
    method_source (0.7.1)
    multi_json (1.2.0)
    pry (0.9.8.4)
      coderay (~> 1.0.5)
      method_source (~> 0.7.1)
      slop (>= 2.4.4, < 3)
    rack (1.4.1)
    rack-accept-media-types (0.9)
    rack-contrib (1.1.0)
      rack (>= 0.9.1)
    rack-respond_to (0.9.8)
      rack-accept-media-types (>= 0.6)
    rake (0.9.2.2)
    rdoc (3.12)
      json (~> 1.4)
    rspec (2.9.0)
      rspec-core (~> 2.9.0)
      rspec-expectations (~> 2.9.0)
      rspec-mocks (~> 2.9.0)
    rspec-core (2.9.0)
    rspec-expectations (2.9.1)
      diff-lcs (~> 1.1.3)
    rspec-mocks (2.9.0)
    slop (2.4.4)
    spork (0.9.0)
    thor (0.14.6)
    url_mount (0.2.1)
      rack
    yajl-ruby (1.1.0)
    yard (0.7.5)

PLATFORMS
  ruby

DEPENDENCIES
  bson_ext (~> 1.6)
  bundler (~> 1)
  configliere
  em-http-request (~> 1.0)
  em-mongo (~> 0.4.2)
  em-synchrony (~> 1.0)
  eventmachine!
  foreman
  goliath!
  gorillib!
  guard (~> 1)
  guard-rspec
  guard-yard
  jeweler (~> 1.6)
  pry
  rspec (~> 2.9)
  spork (~> 0.9.0)
  yajl-ruby (~> 1.1)
  yard (~> 0.6)
