PATH
  remote: .
  specs:
    vayacondios (0.0.3)
      bson_ext (~> 1.6)
      configliere (>= 0.4.13)
      em-http-request (~> 1.0)
      em-mongo (~> 0.4.2)
      foreman
      goliath (~> 0.9.2)
      gorillib (= 0.4.0pre)
      yajl-ruby (~> 1.1)
    vayacondios-client (0.0.3)
      configliere (>= 0.4.16)
      gorillib (= 0.4.0pre)
      multi_json (~> 1.1)

GEM
  remote: http://rubygems.org/
  specs:
    RedCloth (4.2.9)
    addressable (2.3.2)
    async-rack (0.5.1)
      rack (~> 1.1)
    bson (1.6.4)
    bson_ext (1.6.4)
      bson (~> 1.6.4)
    coderay (1.0.7)
    configliere (0.4.16)
      highline (>= 1.5.2)
      multi_json (>= 1.1)
    cookiejar (0.3.0)
    diff-lcs (1.1.3)
    em-http-request (1.0.3)
      addressable (>= 2.2.3)
      cookiejar
      em-socksify
      eventmachine (>= 1.0.0.beta.4)
      http_parser.rb (>= 0.5.3)
    em-mongo (0.4.3)
      bson (>= 1.1.3)
      eventmachine (>= 0.12.10)
    em-socksify (0.2.1)
      eventmachine (>= 1.0.0.beta.4)
    em-synchrony (1.0.2)
      eventmachine (>= 1.0.0.beta.1)
    em-websocket (0.3.8)
      addressable (>= 2.1.1)
      eventmachine (>= 0.12.9)
    extlib (0.9.15)
    ffi (1.1.5)
    foreman (0.53.0)
      thor (>= 0.13.6)
    git (1.2.5)
    guard (1.3.0)
      listen (>= 0.4.2)
      thor (>= 0.14.6)
    guard-rspec (1.2.1)
      guard (>= 1.1)
    guard-yard (2.0.0)
      guard (>= 1.1.0)
      yard (>= 0.7.0)
    highline (1.6.13)
    htmlentities (4.3.1)
    http_parser.rb (0.5.3)
    jeweler (1.8.4)
      bundler (~> 1.0)
      git (>= 1.2.5)
      rake
      rdoc
    json (1.7.4)
    listen (0.4.7)
      rb-fchange (~> 0.0.5)
      rb-fsevent (~> 0.9.1)
      rb-inotify (~> 0.8.8)
    log4r (1.1.10)
    method_source (0.8)
    multi_json (1.3.6)
    oj (1.3.4)
    pry (0.9.10)
      coderay (~> 1.0.5)
      method_source (~> 0.8)
      slop (~> 3.3.1)
    rack (1.4.1)
    rack-accept-media-types (0.9)
    rack-contrib (1.1.0)
      rack (>= 0.9.1)
    rack-respond_to (0.9.8)
      rack-accept-media-types (>= 0.6)
    rake (0.9.2.2)
    rb-fchange (0.0.5)
      ffi
    rb-fsevent (0.9.1)
    rb-inotify (0.8.8)
      ffi (>= 0.5.0)
    rdoc (3.12)
      json (~> 1.4)
    redcarpet (2.1.1)
    rspec (2.11.0)
      rspec-core (~> 2.11.0)
      rspec-expectations (~> 2.11.0)
      rspec-mocks (~> 2.11.0)
    rspec-core (2.11.1)
    rspec-expectations (2.11.2)
      diff-lcs (~> 1.1.3)
    rspec-mocks (2.11.2)
    simplecov (0.6.4)
      multi_json (~> 1.0)
      simplecov-html (~> 0.5.3)
    simplecov-html (0.5.3)
    slop (3.3.2)
    thor (0.16.0)
    url_mount (0.2.1)
      rack
    wukong (2.0.2)
      addressable
      configliere
      extlib
      htmlentities
    yajl-ruby (1.1.0)
    yard (0.8.2.1)

PLATFORMS
  ruby

DEPENDENCIES
  RedCloth (>= 4.2)
  bson_ext (~> 1.6)
  bundler (~> 1.1)
  configliere
  em-http-request (~> 1.0)
  em-mongo (~> 0.4.2)
  em-synchrony (~> 1.0)
  eventmachine!
  foreman
  goliath!
  gorillib!
  guard (>= 1.0)
  guard-rspec (>= 0.6)
  guard-yard
  jeweler (>= 1.6)
  kramdown
  pry
  rake
  rspec
  rb-fsevent (>= 0.9)
  redcarpet (>= 2.1)
  rspec (>= 2.8)
  simplecov (>= 0.5)
  vayacondios!
  vayacondios-client!
  yajl-ruby (~> 1.1)
  yard (>= 0.7)
  yard
>>>>>>> origin/0.0.2
